GEM
  remote: http://rubygems.org/
  specs:
    aws-sdk (2.6.18)
      aws-sdk-resources (= 2.6.18)
    aws-sdk-core (2.6.18)
      jmespath (~> 1.0)
    aws-sdk-resources (2.6.18)
      aws-sdk-core (= 2.6.18)
    clamp (1.1.1)
    console_logger (1.0.0)
    diffy (3.1.0)
    jmespath (1.3.1)
    multi_json (1.12.1)
    stackup (1.0.0)
      aws-sdk-resources (~> 2.0)
      clamp (~> 1.0)
      console_logger
      diffy (~> 3.0)
      multi_json

PLATFORMS
  ruby

DEPENDENCIES
  aws-sdk (~> 2)
  clamp
  stackup

BUNDLED WITH
   1.13.6
